GEM
  remote: https://rubygems.org/
  specs:
    dbd-sqlite3 (1.2.5)
      dbi (>= 0.4.0)
      sqlite3-ruby
    dbi (0.4.5)
      deprecated (= 2.0.1)
    deprecated (2.0.1)
    etc (0.2.0)
    paint (1.0.1)
    sqlite3 (1.3.11)
    sqlite3-ruby (1.3.3)
      sqlite3 (>= 1.3.3)

PLATFORMS
  ruby

DEPENDENCIES
  dbd-sqlite3
  dbi
  etc
  paint
  sqlite3
  sqlite3-ruby

BUNDLED WITH
   1.11.2
