GEM
  remote: https://rubygems.org/
  specs:
    dbi (0.4.5)
      deprecated (= 2.0.1)
    deprecated (2.0.1)
    paint (1.0.1)

PLATFORMS
  ruby

DEPENDENCIES
  dbi
  paint

BUNDLED WITH
   1.11.2
