GEM
  remote: https://rubygems.org/
  specs:
    paint (1.0.1)

PLATFORMS
  ruby

DEPENDENCIES
  paint

BUNDLED WITH
   1.11.2
